GEM
  remote: https://rubygems.org/
  specs:
    byebug (11.1.3)
    erubis (2.7.0)
    ffi (1.13.1)
    listen (1.3.1)
      rb-fsevent (>= 0.9.3)
      rb-inotify (>= 0.9)
      rb-kqueue (>= 0.2)
    multi_json (1.15.0)
    rack (2.2.3)
    rb-fsevent (0.10.4)
    rb-inotify (0.10.1)
      ffi (~> 1.0)
    rb-kqueue (0.2.5)
      ffi (>= 0.5.0)
    rerun (0.8.1)
      listen (>= 1.0.3)
    ruby_on_daves (0.0.7)
      erubis (~> 2.7)
      multi_json (~> 1.15)
      rack (~> 2.2)
      sqlite3 (~> 1.4.2)
    sqlite3 (1.4.2)

PLATFORMS
  ruby

DEPENDENCIES
  byebug
  listen (= 1.3.1)
  rerun
  ruby_on_daves

BUNDLED WITH
   2.1.4
